GEM
  remote: http://rubygems.org/
  specs:
    actionpack (2.3.18)
      activesupport (= 2.3.18)
      rack (~> 1.1.0)
    activerecord (2.3.18)
      activesupport (= 2.3.18)
    activesupport (2.3.18)
    columnize (0.9.0)
    debugger (1.6.8)
      columnize (>= 0.3.1)
      debugger-linecache (~> 1.2.0)
      debugger-ruby_core_source (~> 1.3.5)
    debugger-linecache (1.2.0)
    debugger-ruby_core_source (1.3.8)
    linecache (1.3.1)
    mocha (0.9.7)
      rake
    mysql (2.9.1)
    pg (0.17.1)
    postgres (0.8.1)
      pg (~> 0)
    rack (1.1.6)
    rake (0.8.7)
    ruby-debug (0.10.4)
      columnize (>= 0.1)
      ruby-debug-base (~> 0.10.4.0)
    ruby-debug-base (0.10.4)
      linecache (>= 0.3)
    sqlite3 (1.3.12)

PLATFORMS
  ruby

DEPENDENCIES
  actionpack (~> 2.3.6)
  activerecord (~> 2.3.6)
  debugger
  mocha (= 0.9.7)
  mysql (~> 2.9)
  pg (~> 0.17.0)
  postgres
  rake (~> 0.8.7)
  ruby-debug
  sqlite3 (~> 1.3.6)

BUNDLED WITH
   1.13.1
